GEM
  remote: https://rubygems.org/
  specs:
    domain_name (0.6.20240107)
    gitlab (4.19.0)
      httparty (~> 0.20)
      terminal-table (>= 1.5.1)
    http-accept (1.7.0)
    http-cookie (1.0.5)
      domain_name (~> 0.5)
    httparty (0.20.0)
      mime-types (~> 3.0)
      multi_xml (>= 0.5.2)
    language_server-protocol (3.17.0.2)
    mailgun-ruby (1.2.13)
      rest-client (>= 2.0.2)
    mime-types (3.4.1)
      mime-types-data (~> 3.2015)
    mime-types-data (3.2022.0105)
    multi_xml (0.6.0)
    netrc (0.11.0)
    prettier_print (1.1.0)
    rake (13.0.6)
    rest-client (2.1.0)
      http-accept (>= 1.7.0, < 2.0)
      http-cookie (>= 1.0.2, < 2.0)
      mime-types (>= 1.16, < 4.0)
      netrc (~> 0.8)
    ripper-tags (0.9.1)
    ruby-lsp (0.3.7)
      language_server-protocol (~> 3.17.0)
      sorbet-runtime
      syntax_tree (>= 4.0.2, < 5.0.0)
    sorbet-runtime (0.5.10590)
    syntax_tree (4.3.0)
      prettier_print (>= 1.0.2)
    terminal-table (3.0.2)
      unicode-display_width (>= 1.1.1, < 3)
    unicode-display_width (2.3.0)

PLATFORMS
  arm64-darwin-22
  x86_64-darwin-21
  x86_64-linux

DEPENDENCIES
  bundler
  gitlab (~> 4.19.0)
  mailgun-ruby (~> 1.2.13)
  rake (~> 13.0.6)
  ripper-tags (~> 0.9.1)
  ruby-lsp (~> 0.3.5)

BUNDLED WITH
   2.4.19
