GEM
  remote: https://rubygems.org/
  specs:
    gitlab (4.19.0)
      httparty (~> 0.20)
      terminal-table (>= 1.5.1)
    httparty (0.20.0)
      mime-types (~> 3.0)
      multi_xml (>= 0.5.2)
    language_server-protocol (3.17.0.1)
    mime-types (3.4.1)
      mime-types-data (~> 3.2015)
    mime-types-data (3.2022.0105)
    multi_xml (0.6.0)
    prettier_print (1.0.2)
    rake (13.0.6)
    ripper-tags (0.9.1)
    ruby-lsp (0.3.5)
      language_server-protocol (~> 3.17.0)
      sorbet-runtime
      syntax_tree (>= 4.0.2)
    sorbet-runtime (0.5.10515)
    syntax_tree (4.2.0)
      prettier_print (>= 1.0.2)
    terminal-table (3.0.2)
      unicode-display_width (>= 1.1.1, < 3)
    unicode-display_width (2.3.0)

PLATFORMS
  x86_64-darwin-21

DEPENDENCIES
  bundler
  gitlab (~> 4.19.0)
  rake (~> 13.0.6)
  ripper-tags (~> 0.9.1)
  ruby-lsp (~> 0.3.5)

BUNDLED WITH
   2.3.24
